GEM
  remote: http://rubygems.org/
  specs:
    highline (1.6.13)
    stringex (1.4.0)

PLATFORMS
  ruby

DEPENDENCIES
  highline
  stringex
